GEM
  remote: http://rubygems.org/
  remote: http://gems.github.com/
  specs:
    activemodel (3.0.3)
      activesupport (= 3.0.3)
      builder (~> 2.1.2)
      i18n (~> 0.4)
    activesupport (3.0.3)
    builder (2.1.2)
    diff-lcs (1.1.2)
    grit (2.4.1)
      diff-lcs (~> 1.1)
      mime-types (~> 1.15)
    i18n (0.6.0)
    json (1.5.2)
    mime-types (1.16)
    rack (1.3.0)
    rack-test (0.5.7)
      rack (>= 1.0)
    rspec (2.5.0)
      rspec-core (~> 2.5.0)
      rspec-expectations (~> 2.5.0)
      rspec-mocks (~> 2.5.0)
    rspec-core (2.5.1)
    rspec-expectations (2.5.0)
      diff-lcs (~> 1.1.2)
    rspec-mocks (2.5.0)
    sinatra (1.2.6)
      rack (~> 1.1)
      tilt (>= 1.2.2, < 2.0)
    tilt (1.3.2)

PLATFORMS
  ruby

DEPENDENCIES
  activemodel
  grit
  json (= 1.5.2)
  rack-test
  rspec
  sinatra
